GEM
  remote: http://rubygems.org/
  specs:
    activemodel (7.0.3)
      activesupport (= 7.0.3)
    activesupport (7.0.3)
      concurrent-ruby (~> 1.0, >= 1.0.2)
      i18n (>= 1.6, < 2)
      minitest (>= 5.1)
      tzinfo (~> 2.0)
    awesome_print (0.3.1)
    bson (4.15.0)
    bson_ext (1.1.5)
    concurrent-ruby (1.1.10)
    diff-lcs (1.1.2)
    i18n (1.10.0)
      concurrent-ruby (~> 1.0)
    minitest (5.16.0)
    mongo (2.17.1)
      bson (>= 4.8.2, < 5.0.0)
    mongo_ext (0.19.3)
    mongoid (7.4.0)
      activemodel (>= 5.1, < 7.1, != 7.0.0)
      mongo (>= 2.10.5, < 3.0.0)
      ruby2_keywords (~> 0.0.5)
    rack (1.2.1)
    rack-test (0.5.7)
      rack (>= 1.0)
    rspec (2.4.0)
      rspec-core (~> 2.4.0)
      rspec-expectations (~> 2.4.0)
      rspec-mocks (~> 2.4.0)
    rspec-core (2.4.0)
    rspec-expectations (2.4.0)
      diff-lcs (~> 1.1.2)
    rspec-mocks (2.4.0)
    ruby2_keywords (0.0.5)
    sinatra (1.1.2)
      rack (~> 1.1)
      tilt (~> 1.2)
    sinatra-mongoid (0.0.2)
      mongo_ext
      mongoid
      sinatra
    tilt (1.2.2)
    tzinfo (2.0.4)
      concurrent-ruby (~> 1.0)
    yajl-ruby (0.7.9)

PLATFORMS
  ruby

DEPENDENCIES
  awesome_print
  bson_ext (= 1.1.5)
  rack-test
  rspec (= 2.4.0)
  sinatra (= 1.1.2)
  sinatra-mongoid
  yajl-ruby
